GEM
  remote: https://rubygems.org/
  specs:
    rake (13.1.0)

PLATFORMS
  x86_64-linux

DEPENDENCIES
  rake

BUNDLED WITH
   2.4.22
