GEM
  remote: https://rubygems.org/
  specs:
    adsf (1.2.0)
      rack (>= 1.0.0)
    haml (4.0.6)
      tilt
    rack (1.6.0)
    redcarpet (3.2.2)
    sass (3.4.9)
    tilt (2.0.1)

PLATFORMS
  ruby

DEPENDENCIES
  adsf
  haml
  redcarpet
  sass
